GEM
  remote: http://rubygems.org/
  specs:
    activesupport (3.2.12)
      i18n (~> 0.6)
      multi_json (~> 1.0)
    airbrake (3.1.8)
      activesupport
      builder
      json
    builder (3.0.4)
    exceptional (2.0.33)
      rack
    i18n (0.6.4)
    json (1.7.7)
    multi_json (1.6.1)
    rack (1.4.5)
    redis (3.0.3)

PLATFORMS
  ruby

DEPENDENCIES
  airbrake
  exceptional
  redis
